{
	"TaskName": "fix",
    "EEGReference": "n/a",
    "SamplingFrequency": 500,
    "PowerLineFrequency": 50,
    "SoftwareFilters": "n/a",
    "Manufacturer": "Brainvision",
    "ManufacturersModelName": "R-net",
    "SoftwareVersions": "PsychoPy 2023.3.1",
    "DeviceSerialNumber": "n/a",
    "TaskDescription": "Participants sat on caregiver lap and viewed stimuli",
    "Instructions": "n/a",
	"InstitutionAddress": "Westmead Innovation Quarter Building U, Level 4/160 Hawkesbury Rd, Westmead NSW 2145 Australia",
    "InstitutionName": "Western Sydney University",
    "InstitutionalDepartmentName": "The MARCS Institute for Brain, Behaviour and Development",
    "CapManufacturer": "Brainvision",
    "CapManufacturersModelName": "R-net",
    "EEGChannelCount": 32,
    "EOGChannelCount": 0,
    "ECGChannelCount": 0,
    "EMGChannelCount": 0,
    "MiscChannelCount": 123,
    "TriggerChannelCount": 1,
    "RecordingDuration": 1,
    "EpochLength": 1,
    "RecordingType": "continuous",
    "EEGGround": "n/a",
    "HardwareFilters": "n/a",
    "EEGPlacementScheme": "10-20 system",
    "SubjectArtefactDescription": "n/a",
    "HeadCircumference": 1
}