{
	"TaskName":"fix",
	"InstitutionAddress": "Westmead Innovation Quarter Building U, Level 4/160 Hawkesbury Rd, Westmead NSW 2145 Australia",
    "InstitutionName": "Western Sydney University",
    "InstitutionalDepartmentName": "The MARCS Institute for Brain, Behaviour and Development",
    "PowerLineFrequency": 50,
    "ManufacturersModelName": "R-net",
    "TaskDescription": "Participants fixated.",
    "Instructions": "n/a",
    "EEGReference": "n/a",
    "EEGGround": "n/a",
    "EEGPlacementScheme": "10-20 system",
    "CapManufacturer": "Brainvision",
    "CapManufacturersModelName": "Brainvision R-net",
    "Manufacturer": "Brainvision",
    "DeviceSerialNumber": "",
    "SamplingFrequency": 500,
    "EEGChannelCount": 32,
    "EOGChannelCount": 0,
    "ECGChannelCount": 0,
    "EMGChannelCount": 0,
    "MISCChannelCount": 0,
    "TriggerChannelCount": 1,
    "MiscChannelCount": 0,
    "RecordingType": "continuous",
    "RecordingDuration": 1,
    "EpochLength": 1,
    "HardwareFilters": "n/a",
    "SoftwareFilters": "n/a",
    "SoftwareVersions": "MNE-Python 1.7, PsychoPy 2023.3.1",
	"HeadCircumference": 1,
    "SubjectArtefactDescription": "n/a",
    "CogAtlasID": "n/a",
    "CogPOID": "n/a"
}
